PATH
  remote: .
  specs:
    ekm-omnimeter (0.1.0)
      bigdecimal
      daemons
      log4r (~> 1.1)
      trollop
      xively-rb-connector (~> 0.1)

GEM
  remote: https://rubygems.org/
  specs:
    bigdecimal (1.2.5)
    daemons (1.1.9)
    diff-lcs (1.2.5)
    httparty (0.13.0)
      json (~> 1.8)
      multi_xml (>= 0.5.2)
    json (1.8.1)
    log4r (1.1.10)
    mini_portile (0.5.3)
    multi_json (1.9.2)
    multi_xml (0.5.5)
    nokogiri (1.6.1)
      mini_portile (~> 0.5.0)
    ox (2.1.1)
    rake (10.2.2)
    rspec (2.14.1)
      rspec-core (~> 2.14.0)
      rspec-expectations (~> 2.14.0)
      rspec-mocks (~> 2.14.0)
    rspec-core (2.14.8)
    rspec-expectations (2.14.5)
      diff-lcs (>= 1.1.3, < 2.0)
    rspec-mocks (2.14.6)
    trollop (2.0)
    xively-rb (0.2.10)
      httparty (>= 0.10.0)
      multi_json (>= 1.3.6)
      multi_xml (>= 0.5.2)
      nokogiri (>= 1.5.6)
      ox (>= 1.5.9)
      yajl-ruby (>= 1.1.0)
    xively-rb-connector (0.1.1)
      bigdecimal (~> 1.2)
      log4r (~> 1.1)
      xively-rb (~> 0.2)
    yajl-ruby (1.2.0)

PLATFORMS
  ruby

DEPENDENCIES
  bundler (~> 1.3)
  ekm-omnimeter!
  rake (~> 10.2)
  rspec
